GEM
  remote: https://rubygems.org/
  specs:
    childprocess (0.9.0)
      ffi (~> 1.0, >= 1.0.11)
    concurrent-ruby (1.0.5)
    ffi (1.9.25)
    headless (2.3.1)
    i18n (0.9.1)
      concurrent-ruby (~> 1.0)
    mini_portile2 (2.3.0)
    netrc (0.11.0)
    nokogiri (1.8.1)
      mini_portile2 (~> 2.3.0)
    rubyzip (1.2.2)
    selenium-webdriver (3.14.1)
      childprocess (~> 0.5)
      rubyzip (~> 1.2, >= 1.2.2)
    watir (6.14.0)
      selenium-webdriver (~> 3.4, >= 3.4.1)

PLATFORMS
  ruby

DEPENDENCIES
  headless
  i18n
  netrc
  nokogiri
  watir

BUNDLED WITH
   1.16.1
